GEM
  remote: https://rubygems.org/
  specs:
    json (2.10.2)

PLATFORMS
  arm64-darwin-24
  x86_64-linux

DEPENDENCIES
  json

BUNDLED WITH
   2.4.10
